GIT
  remote: https://gitorious.org/gitorious/gitorious-issues.git
  revision: fc25d6fd0f2f7387630ec9f692f92ae699b44a7b
  branch: master
  specs:
    gitorious-issues (0.0.1)
      charlatan (~> 0.0.1)
      rails (~> 3.2.15)

GIT
  remote: https://github.com/gitorious/grit.git
  revision: b8a6e359a81918368a053131cf2a3ea16ee41e20
  specs:
    gitlab-grit (2.6.0)
      charlock_holmes (~> 0.6.9)
      diff-lcs (~> 1.1)
      mime-types (~> 1.15)
      posix-spawn (~> 0.3.6)

GIT
  remote: https://github.com/gitorious/state_machine.git
  revision: d18957ebb7b7c6a168aa13db2cbff214911ceac5
  specs:
    state_machine (1.2.0)

GIT
  remote: https://github.com/libgit2/rugged.git
  revision: 76f3382f7eb07cdb3c61aa4ee726d79a31cbf48d
  branch: development
  submodules: true
  specs:
    rugged (0.19.0)

GEM
  remote: https://rubygems.org/
  specs:
    RedCloth (4.2.9)
    actionmailer (3.2.21)
      actionpack (= 3.2.21)
      mail (~> 2.5.4)
    actionpack (3.2.21)
      activemodel (= 3.2.21)
      activesupport (= 3.2.21)
      builder (~> 3.0.0)
      erubis (~> 2.7.0)
      journey (~> 1.0.4)
      rack (~> 1.4.5)
      rack-cache (~> 1.2)
      rack-test (~> 0.6.1)
      sprockets (~> 2.2.1)
    activemodel (3.2.21)
      activesupport (= 3.2.21)
      builder (~> 3.0.0)
    activerecord (3.2.21)
      activemodel (= 3.2.21)
      activesupport (= 3.2.21)
      arel (~> 3.0.2)
      tzinfo (~> 0.3.29)
    activeresource (3.2.21)
      activemodel (= 3.2.21)
      activesupport (= 3.2.21)
    activesupport (3.2.21)
      i18n (~> 0.6, >= 0.6.4)
      multi_json (~> 1.0)
    acts-as-taggable-on (3.4.3)
      activerecord (>= 3.2, < 5)
    addressable (2.3.5)
    ansi (1.4.3)
    arel (3.0.3)
    asciidoctor (0.1.4)
    axiom-types (0.0.5)
      descendants_tracker (~> 0.0.1)
      ice_nine (~> 0.9)
    backports (3.3.5)
    bourne (1.5.0)
      mocha (>= 0.13.2, < 0.15)
    bugsnag (2.7.1)
      multi_json (~> 1.0)
    builder (3.0.4)
    capillary (1.0.4)
      htmlentities
      json (~> 1.5)
    capybara (2.1.0)
      mime-types (>= 1.16)
      nokogiri (>= 1.3.3)
      rack (>= 1.0.0)
      rack-test (>= 0.5.4)
      xpath (~> 2.0)
    capybara-screenshot (0.3.14)
      capybara (>= 1.0, < 3)
      launchy
    capybara_minitest_spec (1.0.1)
      capybara (>= 2)
      minitest (>= 2)
    celluloid (0.15.2)
      timers (~> 1.1.0)
    charlatan (0.0.1)
    charlock_holmes (0.6.9.4)
    ci_reporter (1.9.1)
      builder (>= 2.1.2)
    climate_control (0.0.3)
      activesupport (>= 3.0)
    cliver (0.2.2)
    cocaine (0.5.3)
      climate_control (>= 0.0.3, < 1.0)
    coderay (1.1.0)
    coercible (1.0.0)
      descendants_tracker (~> 0.0.1)
    crack (0.4.1)
      safe_yaml (~> 0.9.0)
    creole (0.5.0)
    daemons (1.1.0)
    database_cleaner (1.2.0)
    descendants_tracker (0.0.3)
    diff-lcs (1.1.2)
    docile (1.1.1)
    dolt (0.30.0)
      json (~> 1.5)
      libdolt (~> 0.31)
      sinatra (~> 1.0)
      thin (~> 1.4)
      tiltout (~> 1.4)
      trollop (~> 2.0)
    dotenv (0.9.0)
    equalizer (0.0.8)
    erubis (2.7.0)
    escape_utils (0.3.2)
    eventmachine (1.0.3)
    exception_notification (4.0.1)
      actionmailer (>= 3.0.4)
      activesupport (>= 3.0.4)
    execjs (2.0.2)
    expression_parser (0.9.0)
    factory_girl (2.6.4)
      activesupport (>= 2.3.9)
    factory_girl_rails (1.7.0)
      factory_girl (~> 2.6.0)
      railties (>= 3.0.0)
    ffi (1.9.3)
    force_utf8 (1.0.0)
    foreman (0.63.0)
      dotenv (>= 0.7)
      thor (>= 0.13.6)
    formatador (0.2.4)
    geoip (0.8.9)
    get_process_mem (0.2.0)
    github-linguist (2.9.7)
      charlock_holmes (~> 0.6.6)
      escape_utils (~> 0.3.1)
      mime-types (~> 1.19)
      pygments.rb (~> 0.5.2)
    github-markup (1.2.1)
      posix-spawn (~> 0.3.8)
    gitorious_openid_auth (1.1.0)
      rack-openid (~> 1.3)
    guard (2.2.4)
      formatador (>= 0.2.4)
      listen (~> 2.1)
      lumberjack (~> 1.0)
      pry (>= 0.9.12)
      thor (>= 0.18.1)
    guard-ctags-bundler (1.0.1)
      guard (~> 2.0)
    guard-minitest (2.1.2)
      guard (~> 2.0)
      minitest (>= 3.0)
    hashie (2.0.5)
    highline (1.6.20)
    hike (1.2.3)
    htmlentities (4.3.1)
    httparty (0.13.3)
      json (~> 1.8)
      multi_xml (>= 0.5.2)
    i18n (0.7.0)
    ice_nine (0.10.0)
    innertube (1.1.0)
    journey (1.0.4)
    json (1.8.2)
    just_paginate (0.2.2)
    kgio (2.8.1)
    launchy (2.4.2)
      addressable (~> 2.3)
    libdolt (0.34.0)
      force_utf8
      htmlentities (~> 4.3)
      json (~> 1.7)
      makeup (~> 0.4.4)
      mime-types (~> 1.19)
      rugged (~> 0.19.0)
      tzinfo (~> 0.3)
    listen (2.2.0)
      celluloid (>= 0.15.2)
      rb-fsevent (>= 0.9.3)
      rb-inotify (>= 0.9)
    loofah (1.2.1)
      nokogiri (>= 1.4.4)
    lumberjack (1.0.4)
    mail (2.5.4)
      mime-types (~> 1.16)
      treetop (~> 1.4.8)
    makeup (0.4.4)
      github-linguist (~> 2.8)
      github-markup (~> 1.0)
      htmlentities (~> 4.3)
      loofah (~> 1.2)
      pygments.rb (~> 0.4, <= 0.5.2)
    memcache-client (1.8.5)
    metaclass (0.0.1)
    method_source (0.8.2)
    middleware (0.1.0)
    mime-types (1.25.1)
    minitest (4.7.5)
    minitest-capybara (0.5.0)
      capybara (~> 2.1.0)
      minitest (~> 4.0)
      rake
    minitest-metadata (0.4.0)
      minitest (~> 4.7)
    minitest-rails (0.9.2)
      minitest (~> 4.7)
      rails (>= 3.0)
    minitest-rails-capybara (0.10.0)
      capybara (~> 2.0)
      minitest-capybara (~> 0.4)
      minitest-metadata (~> 0.4)
      minitest-rails (~> 0.9.1)
    minitest-reporters (0.14.23)
      ansi
      builder
      minitest (>= 2.12, < 5.0)
      powerbar
    mocha (0.13.3)
      metaclass (~> 0.0.1)
    mono_logger (1.1.0)
    multi_json (1.10.1)
    multi_xml (0.5.5)
    mysql2 (0.3.14)
    net-ldap (0.11)
    nokogiri (1.5.11)
    oauth (0.4.4)
    org-ruby (0.8.2)
      rubypants (>= 0.2.0)
    paperclip (3.5.2)
      activemodel (>= 3.0.0)
      activesupport (>= 3.0.0)
      cocaine (~> 0.5.3)
      mime-types
    pg (0.17.0)
    poltergeist (1.4.1)
      capybara (~> 2.1.0)
      cliver (~> 0.2.1)
      multi_json (~> 1.0)
      websocket-driver (>= 0.2.0)
    polyglot (0.3.5)
    posix-spawn (0.3.8)
    powerbar (1.0.11)
      ansi (~> 1.4.0)
      hashie (>= 1.1.0)
    proxymachine (1.2.4)
      eventmachine (>= 0.12.10)
    pry (0.9.12.4)
      coderay (~> 1.0)
      method_source (~> 0.8)
      slop (~> 3.4)
    pry-rails (0.3.2)
      pry (>= 0.9.10)
    pundit (0.2.3)
      activesupport (>= 3.0.0)
    pygments.rb (0.5.2)
      posix-spawn (~> 0.3.6)
      yajl-ruby (~> 1.1.0)
    quiet_assets (1.1.0)
      railties (>= 3.1, < 5.0)
    rack (1.4.5)
    rack-cache (1.2)
      rack (>= 0.4)
    rack-openid (1.4.1)
      rack (>= 1.1.0)
      ruby-openid (>= 2.1.8)
    rack-protection (1.5.3)
      rack
    rack-ssl (1.3.4)
      rack
    rack-test (0.6.3)
      rack (>= 1.0)
    rails (3.2.21)
      actionmailer (= 3.2.21)
      actionpack (= 3.2.21)
      activerecord (= 3.2.21)
      activeresource (= 3.2.21)
      activesupport (= 3.2.21)
      bundler (~> 1.0)
      railties (= 3.2.21)
    rails_autolink (1.1.5)
      rails (> 3.1)
    railties (3.2.21)
      actionpack (= 3.2.21)
      activesupport (= 3.2.21)
      rack-ssl (~> 1.3.2)
      rake (>= 0.8.7)
      rdoc (~> 3.4)
      thor (>= 0.14.6, < 2.0)
    raindrops (0.12.0)
    rake (10.4.2)
    rb-fsevent (0.9.3)
    rb-inotify (0.9.2)
      ffi (>= 0.5.0)
    rdiscount (2.1.7.1)
    rdoc (3.12.2)
      json (~> 1.4)
    react-rails (0.9.0.0)
      execjs
      rails (>= 3.1)
      react-source (= 0.9.0)
    react-source (0.9.0)
    redcarpet (3.0.0)
    redis (3.0.7)
    redis-namespace (1.4.1)
      redis (~> 3.0.4)
    resque (1.25.2)
      mono_logger (~> 1.0)
      multi_json (~> 1.0)
      redis-namespace (~> 1.3)
      sinatra (>= 0.9.2)
      vegas (~> 0.1.2)
    resque-cleaner (0.3.0)
      resque (~> 1.0)
    resque-job-stats (0.3.0)
      resque (~> 1.17)
    riddle (1.5.9)
    ruby-openid (2.3.0)
    rubypants (0.2.0)
    safe_yaml (0.9.7)
    sass (3.2.12)
    sass-rails (3.2.6)
      railties (~> 3.2.0)
      sass (>= 3.1.10)
      tilt (~> 1.3)
    shoulda (3.5.0)
      shoulda-context (~> 1.0, >= 1.0.1)
      shoulda-matchers (>= 1.4.1, < 3.0)
    shoulda-context (1.1.6)
    shoulda-matchers (1.5.6)
      activesupport (>= 3.0.0)
      bourne (~> 1.3)
    simple_form (2.1.0)
      actionpack (~> 3.0)
      activemodel (~> 3.0)
    simplecov (0.8.2)
      docile (~> 1.1.0)
      multi_json
      simplecov-html (~> 0.8.0)
    simplecov-html (0.8.0)
    simplecov-rcov (0.2.3)
      simplecov (>= 0.4.1)
    sinatra (1.4.5)
      rack (~> 1.4)
      rack-protection (~> 1.4)
      tilt (~> 1.3, >= 1.3.4)
    sinatra-contrib (1.4.1)
      backports (>= 2.0)
      multi_json
      rack-protection
      rack-test
      sinatra (~> 1.4.0)
      tilt (~> 1.3)
    skylight (0.4.3)
      activesupport (>= 3.0.0)
    slop (3.4.7)
    sprockets (2.2.3)
      hike (~> 1.2)
      multi_json (~> 1.0)
      rack (~> 1.0)
      tilt (~> 1.1, != 1.3.0)
    thin (1.6.1)
      daemons (>= 1.0.9)
      eventmachine (>= 1.0.0)
      rack (>= 1.0.0)
    thinking-sphinx (3.0.6)
      activerecord (>= 3.1.0)
      builder (>= 2.1.2)
      innertube (>= 1.0.2)
      middleware (>= 0.1.0)
      riddle (>= 1.5.9)
    thor (0.19.1)
    tilt (1.4.1)
    tiltout (1.4.0)
      tilt (~> 1.3)
    timers (1.1.0)
    treetop (1.4.15)
      polyglot
      polyglot (>= 0.3.1)
    trollop (2.0)
    tzinfo (0.3.42)
    unicorn (4.6.3)
      kgio (~> 2.6)
      rack
      raindrops (~> 0.7)
    unicorn-worker-killer (0.4.3)
      get_process_mem (~> 0)
      unicorn (~> 4)
    use_case (1.0.2)
    vegas (0.1.11)
      rack (>= 1.0.0)
    virtus (1.0.1)
      axiom-types (~> 0.0.5)
      coercible (~> 1.0)
      descendants_tracker (~> 0.0.1)
      equalizer (~> 0.0.7)
    webmock (1.16.0)
      addressable (>= 2.2.7)
      crack (>= 0.3.2)
    websocket-driver (0.3.0)
    wikicloth (0.8.0)
      builder
      expression_parser
    will_paginate (3.0.5)
    xpath (2.0.0)
      nokogiri (~> 1.3)
    yajl-ruby (1.1.0)
    zeus (0.15.1)
      method_source (>= 0.6.7)

PLATFORMS
  ruby

DEPENDENCIES
  RedCloth
  activerecord-jdbcmysql-adapter
  acts-as-taggable-on (~> 3.4)
  asciidoctor
  bugsnag
  capillary (~> 1.0.1)
  capybara (~> 2.1)
  capybara-screenshot
  capybara_minitest_spec (~> 1.0)
  charlatan (~> 0.0.1)
  ci_reporter
  creole
  daemons (= 1.1.0)
  database_cleaner
  diff-lcs (= 1.1.2)
  dolt (~> 0.30.0)
  exception_notification
  factory_girl_rails (~> 1.7)
  force_utf8
  foreman (~> 0.41)
  geoip (= 0.8.9)
  gitlab-grit!
  gitorious-issues!
  gitorious_openid_auth (~> 1.1)
  guard-ctags-bundler
  guard-minitest
  highline
  httparty (~> 0.9)
  jruby-openssl
  just_paginate (= 0.2.2)
  libdolt (~> 0.34.0)
  makeup
  memcache-client (~> 1.8)
  mime-types (~> 1.16)
  minitest (~> 4.7)
  minitest-rails-capybara (~> 0.10)
  minitest-reporters (~> 0.14)
  mocha (= 0.13.3)
  mysql2
  net-ldap (~> 0.11)
  nokogiri (~> 1.5, < 1.6)
  oauth (= 0.4.4)
  org-ruby
  paperclip (~> 3.5.2)
  pg
  poltergeist (~> 1.4)
  proxymachine (= 1.2.4)
  pry-rails
  pundit (~> 0.2.3)
  quiet_assets
  rails (= 3.2.21)
  rails_autolink (~> 1.0)
  rake (~> 10.0)
  rdiscount (~> 2.1.7)
  rdoc
  react-rails (~> 0.9.0)
  redcarpet (~> 3.0.0)
  resque (= 1.25.2)
  resque-cleaner
  resque-job-stats
  ruby-openid
  rugged!
  sass-rails (~> 3.2)
  shoulda (~> 3.3)
  simple_form (~> 2.1)
  simplecov
  simplecov-rcov
  sinatra-contrib
  skylight
  state_machine (~> 1.1)!
  thin (~> 1.2)
  thinking-sphinx (~> 3.0)
  tiltout (~> 1.4)
  trinidad
  unicorn (~> 4.6.3)
  unicorn-worker-killer
  use_case
  virtus (~> 1.0.1)
  webmock (~> 1.13)
  wikicloth
  will_paginate (~> 3.0)
  zeus
